GIT
  remote: https://github.com/fog/fog.git
  revision: 34ba908c42cf981155307ba75985a0fc9f1b51d1
  ref: master
  specs:
    fog (1.23.0)
      fog-brightbox
      fog-core (~> 1.23)
      fog-json
      fog-sakuracloud (>= 0.0.4)
      fog-softlayer
      ipaddress (~> 0.5)
      nokogiri (~> 1.5, >= 1.5.11)

PATH
  remote: ../sakurraform
  specs:
    sakurraform (0.0.5)
      aws-sdk
      chamber
      fog-sakuracloud (~> 0.1.0)
      thor
      uuid

GEM
  remote: https://rubygems.org/
  specs:
    aws-sdk (1.54.0)
      aws-sdk-v1 (= 1.54.0)
    aws-sdk-v1 (1.54.0)
      json (~> 1.4)
      nokogiri (>= 1.4.4)
    builder (3.2.2)
    chamber (2.4.0)
      hashie (~> 3.3)
      thor (~> 0.19.1)
    coderay (1.1.0)
    excon (0.39.6)
    fog-brightbox (0.5.1)
      fog-core (~> 1.22)
      fog-json
      inflecto
    fog-core (1.24.0)
      builder
      excon (~> 0.38)
      formatador (~> 0.2)
      mime-types
      net-scp (~> 1.1)
      net-ssh (>= 2.1.3)
    fog-json (1.0.0)
      multi_json (~> 1.0)
    fog-sakuracloud (0.1.1)
      fog-core
      fog-json
    fog-softlayer (0.3.17)
      fog-core
      fog-json
    formatador (0.2.5)
    hashie (3.3.1)
    inflecto (0.0.2)
    ipaddress (0.8.0)
    json (1.8.1)
    macaddr (1.7.1)
      systemu (~> 2.6.2)
    method_source (0.8.2)
    mime-types (2.3)
    mini_portile (0.6.0)
    multi_json (1.10.1)
    net-scp (1.2.1)
      net-ssh (>= 2.6.5)
    net-ssh (2.9.1)
    nokogiri (1.6.3.1)
      mini_portile (= 0.6.0)
    pry (0.10.0)
      coderay (~> 1.1.0)
      method_source (~> 0.8.1)
      slop (~> 3.4)
    slop (3.6.0)
    systemu (2.6.4)
    thor (0.19.1)
    uuid (2.3.7)
      macaddr (~> 1.0)

PLATFORMS
  ruby

DEPENDENCIES
  fog!
  pry
  sakurraform!
